GEM
  remote: https://rubygems.org/
  specs:
    RedCloth (4.3.2)
    coderay (1.1.2)
    method_source (0.9.0)
    mini_portile2 (2.3.0)
    nokogiri (1.8.4)
      mini_portile2 (~> 2.3.0)
    pry (0.11.3)
      coderay (~> 1.1.0)
      method_source (~> 0.9.0)
    redcarpet (3.4.0)
    reverse_markdown (1.1.0)
      nokogiri

PLATFORMS
  ruby

DEPENDENCIES
  RedCloth
  pry
  redcarpet
  reverse_markdown

BUNDLED WITH
   1.16.2
