GEM
  remote: https://rubygems.org/
  specs:
    RedCloth (4.3.2)
    coderay (1.1.2)
    method_source (0.9.0)
    pry (0.11.3)
      coderay (~> 1.1.0)
      method_source (~> 0.9.0)
    redcarpet (3.4.0)

PLATFORMS
  ruby

DEPENDENCIES
  RedCloth
  pry
  redcarpet

BUNDLED WITH
   1.16.2
